GEM
  remote: https://rubygems.org/
  specs:
    os (1.1.1)
    rake (13.0.3)

PLATFORMS
  x86_64-linux

DEPENDENCIES
  os
  rake

BUNDLED WITH
   2.2.20
